GEM
  remote: https://rails-assets.org/
  remote: https://rubygems.org/
  specs:
    actioncable (5.1.6.2)
      actionpack (= 5.1.6.2)
      nio4r (~> 2.0)
      websocket-driver (~> 0.6.1)
    actionmailer (5.1.6.2)
      actionpack (= 5.1.6.2)
      actionview (= 5.1.6.2)
      activejob (= 5.1.6.2)
      mail (~> 2.5, >= 2.5.4)
      rails-dom-testing (~> 2.0)
    actionpack (5.1.6.2)
      actionview (= 5.1.6.2)
      activesupport (= 5.1.6.2)
      rack (~> 2.0)
      rack-test (>= 0.6.3)
      rails-dom-testing (~> 2.0)
      rails-html-sanitizer (~> 1.0, >= 1.0.2)
    actionview (5.1.6.2)
      activesupport (= 5.1.6.2)
      builder (~> 3.1)
      erubi (~> 1.4)
      rails-dom-testing (~> 2.0)
      rails-html-sanitizer (~> 1.0, >= 1.0.3)
    active_link_to (1.0.5)
      actionpack
      addressable
    active_model_serializers (0.10.9)
      actionpack (>= 4.1, < 6)
      activemodel (>= 4.1, < 6)
      case_transform (>= 0.2)
      jsonapi-renderer (>= 0.1.1.beta1, < 0.3)
    activejob (5.1.6.2)
      activesupport (= 5.1.6.2)
      globalid (>= 0.3.6)
    activemodel (5.1.6.2)
      activesupport (= 5.1.6.2)
    activerecord (5.1.6.2)
      activemodel (= 5.1.6.2)
      activesupport (= 5.1.6.2)
      arel (~> 8.0)
    activesupport (5.1.6.2)
      concurrent-ruby (~> 1.0, >= 1.0.2)
      i18n (>= 0.7, < 2)
      minitest (~> 5.1)
      tzinfo (~> 1.1)
    addressable (2.6.0)
      public_suffix (>= 2.0.2, < 4.0)
    arel (8.0.0)
    ast (2.4.0)
    audited (4.8.0)
      activerecord (>= 4.0, < 5.3)
    autoprefixer-rails (9.5.0)
      execjs
    babel-source (5.8.35)
    babel-transpiler (0.7.0)
      babel-source (>= 4.0, < 6)
      execjs (~> 2.0)
    bh (1.3.6)
      actionpack
      activesupport
    bootsnap (1.4.1)
      msgpack (~> 1.0)
    bootstrap-kaminari-views (0.0.5)
      kaminari (>= 0.13)
      rails (>= 3.1)
    bootstrap-sass (3.4.1)
      autoprefixer-rails (>= 5.2.1)
      sassc (>= 2.0.0)
    bugsnag (6.11.1)
      concurrent-ruby (~> 1.0)
    builder (3.2.3)
    byebug (11.0.1)
    capybara (2.18.0)
      addressable
      mini_mime (>= 0.1.3)
      nokogiri (>= 1.3.3)
      rack (>= 1.0.0)
      rack-test (>= 0.5.4)
      xpath (>= 2.0, < 4.0)
    case_transform (0.2)
      activesupport
    chronic (0.10.2)
    cliver (0.3.2)
    coderay (1.1.2)
    concurrent-ruby (1.1.5)
    connection_pool (2.2.2)
    cookiejar (0.3.3)
    coveralls (0.8.22)
      json (>= 1.8, < 3)
      simplecov (~> 0.16.1)
      term-ansicolor (~> 1.3)
      thor (~> 0.19.4)
      tins (~> 1.6)
    crack (0.4.3)
      safe_yaml (~> 1.0.0)
    crass (1.0.5)
    daemons (1.3.1)
    database_rewinder (0.9.1)
    diff-lcs (1.3)
    docile (1.3.1)
    em-http-request (1.1.5)
      addressable (>= 2.3.4)
      cookiejar (!= 0.3.1)
      em-socksify (>= 0.3)
      eventmachine (>= 1.0.3)
      http_parser.rb (>= 0.6.0)
    em-socksify (0.3.2)
      eventmachine (>= 1.0.0.beta.4)
    em-websocket (0.5.1)
      eventmachine (>= 0.12.9)
      http_parser.rb (~> 0.6.0)
    erubi (1.8.0)
    eventmachine (1.2.7)
    execjs (2.7.0)
    factory_bot (4.11.1)
      activesupport (>= 3.0.0)
    factory_bot_rails (4.11.0)
      factory_bot (~> 4.11.0)
      railties (>= 3.0.0)
    faker (1.9.3)
      i18n (>= 0.7)
    faraday (0.15.4)
      multipart-post (>= 1.2, < 3)
    faraday-conductivity (0.3.1)
      faraday (~> 0.8)
    faraday_middleware (0.13.1)
      faraday (>= 0.7.4, < 1.0)
    ffi (1.10.0)
    font-awesome-rails (4.7.0.4)
      railties (>= 3.2, < 6.0)
    foreman (0.85.0)
      thor (~> 0.19.1)
    gds-sso (14.0.0)
      multi_json (~> 1.0)
      oauth2 (~> 1.0)
      omniauth (~> 1.2)
      omniauth-gds (~> 3.2)
      rails (>= 4)
      warden (~> 1.2)
      warden-oauth2 (~> 0.0.1)
    globalid (0.4.2)
      activesupport (>= 4.2.0)
    govuk_admin_template (6.7.0)
      bootstrap-sass (= 3.4.1)
      jquery-rails (~> 4.3.1)
      plek (>= 2.1.0)
      rails (>= 3.2.0)
    hashdiff (0.3.8)
    hashie (3.6.0)
    http_parser.rb (0.6.0)
    httpclient (2.8.3)
    i18n (1.6.0)
      concurrent-ruby (~> 1.0)
    jquery-rails (4.3.3)
      rails-dom-testing (>= 1, < 3)
      railties (>= 4.2.0)
      thor (>= 0.14, < 2.0)
    json (2.2.0)
    jsonapi-renderer (0.2.0)
    jwt (2.2.1)
    kaminari (1.1.1)
      activesupport (>= 4.1.0)
      kaminari-actionview (= 1.1.1)
      kaminari-activerecord (= 1.1.1)
      kaminari-core (= 1.1.1)
    kaminari-actionview (1.1.1)
      actionview
      kaminari-core (= 1.1.1)
    kaminari-activerecord (1.1.1)
      activerecord
      kaminari-core (= 1.1.1)
    kaminari-core (1.1.1)
    launchy (2.4.3)
      addressable (~> 2.3)
    listen (3.0.8)
      rb-fsevent (~> 0.9, >= 0.9.4)
      rb-inotify (~> 0.9, >= 0.9.7)
    lograge (0.10.0)
      actionpack (>= 4)
      activesupport (>= 4)
      railties (>= 4)
      request_store (~> 1.0)
    loofah (2.3.1)
      crass (~> 1.0.2)
      nokogiri (>= 1.5.9)
    mail (2.7.1)
      mini_mime (>= 0.1.1)
    method_source (0.9.2)
    mini_mime (1.0.1)
    mini_portile2 (2.4.0)
    minitest (5.11.3)
    msgpack (1.2.9)
    multi_json (1.13.1)
    multi_xml (0.6.0)
    multipart-post (2.0.0)
    mustermann (1.0.3)
    net-sftp (2.1.2)
      net-ssh (>= 2.6.5)
    net-ssh (5.2.0)
    nio4r (2.3.1)
    nokogiri (1.10.5)
      mini_portile2 (~> 2.4.0)
    notifications-ruby-client (5.1.1)
      jwt (>= 1.5, < 3)
    oauth2 (1.4.1)
      faraday (>= 0.8, < 0.16.0)
      jwt (>= 1.0, < 3.0)
      multi_json (~> 1.3)
      multi_xml (~> 0.5)
      rack (>= 1.2, < 3)
    oj (3.7.11)
    omniauth (1.9.0)
      hashie (>= 3.4.6, < 3.7.0)
      rack (>= 1.6.2, < 3)
    omniauth-gds (3.2.1)
      multi_json (~> 1.10)
      omniauth-oauth2 (= 1.3.1)
    omniauth-oauth2 (1.3.1)
      oauth2 (~> 1.0)
      omniauth (~> 1.2)
    parallel (1.15.0)
    parallel_tests (2.28.0)
      parallel
    parser (2.6.2.0)
      ast (~> 2.4.0)
    pg (0.21.0)
    phantomjs (2.1.1.0)
    plek (2.1.1)
    poltergeist (1.11.0)
      capybara (~> 2.1)
      cliver (~> 0.3.1)
      websocket-driver (>= 0.2.0)
    postgres-copy (1.4.1)
      activerecord (>= 5.1)
      pg (>= 0.17)
      responders
    powerpack (0.1.2)
    pry (0.12.2)
      coderay (~> 1.1.0)
      method_source (~> 0.9.0)
    pry-byebug (3.7.0)
      byebug (~> 11.0)
      pry (~> 0.10)
    public_suffix (3.0.3)
    puma (3.12.2)
    pusher (1.3.2)
      httpclient (~> 2.7)
      multi_json (~> 1.0)
      pusher-signature (~> 0.1.8)
    pusher-fake (1.11.0)
      em-http-request (~> 1.1)
      em-websocket (~> 0.5)
      multi_json (~> 1.6)
      thin (~> 1.5)
    pusher-signature (0.1.8)
    rack (2.0.8)
    rack-cors (1.1.1)
      rack (>= 2.0.0)
    rack-protection (2.0.5)
      rack
    rack-test (1.1.0)
      rack (>= 1.0, < 3)
    rails (5.1.6.2)
      actioncable (= 5.1.6.2)
      actionmailer (= 5.1.6.2)
      actionpack (= 5.1.6.2)
      actionview (= 5.1.6.2)
      activejob (= 5.1.6.2)
      activemodel (= 5.1.6.2)
      activerecord (= 5.1.6.2)
      activesupport (= 5.1.6.2)
      bundler (>= 1.3.0)
      railties (= 5.1.6.2)
      sprockets-rails (>= 2.0.0)
    rails-assets-bootstrap-daterangepicker (2.1.27)
      rails-assets-jquery (>= 1.9.1, < 4)
      rails-assets-moment (>= 2.9.0)
    rails-assets-eonasdan-bootstrap-datetimepicker (4.17.47)
      rails-assets-jquery (>= 1.8.3)
      rails-assets-moment (>= 2.10.5)
    rails-assets-ev-emitter (1.1.1)
    rails-assets-fullcalendar (3.2.0)
      rails-assets-jquery (>= 2, < 4)
      rails-assets-moment (>= 2.9.0, < 3)
    rails-assets-fullcalendar-scheduler (1.5.1)
      rails-assets-fullcalendar (~> 3.2.0)
      rails-assets-jquery (>= 2, < 4)
      rails-assets-moment (>= 2.9.0, < 3)
    rails-assets-imagesloaded (4.1.4)
      rails-assets-ev-emitter (>= 1.0.0, < 2)
    rails-assets-jquery (3.3.1)
    rails-assets-jquery.postcodes (3.0.7)
    rails-assets-listjs (1.5.0)
    rails-assets-moment (2.15.1)
    rails-assets-pusher (4.3.1)
    rails-assets-qTip2 (3.0.2)
      rails-assets-imagesloaded (>= 3.0.0)
      rails-assets-jquery (>= 1.6.0)
    rails-assets-zloirock--core-js (2.5.1)
    rails-dom-testing (2.0.3)
      activesupport (>= 4.2.0)
      nokogiri (>= 1.6)
    rails-html-sanitizer (1.0.4)
      loofah (~> 2.2, >= 2.2.2)
    rails_12factor (0.0.3)
      rails_serve_static_assets
      rails_stdout_logging
    rails_serve_static_assets (0.0.5)
    rails_stdout_logging (0.0.5)
    railties (5.1.6.2)
      actionpack (= 5.1.6.2)
      activesupport (= 5.1.6.2)
      method_source
      rake (>= 0.8.7)
      thor (>= 0.18.1, < 2.0)
    rainbow (2.2.2)
      rake
    rake (12.3.2)
    rb-fsevent (0.10.3)
    rb-inotify (0.10.0)
      ffi (~> 1.0)
    redis (4.1.0)
    request_store (1.4.1)
      rack (>= 1.4)
    responders (2.4.1)
      actionpack (>= 4.2.0, < 6.0)
      railties (>= 4.2.0, < 6.0)
    rspec-core (3.8.0)
      rspec-support (~> 3.8.0)
    rspec-expectations (3.8.2)
      diff-lcs (>= 1.2.0, < 2.0)
      rspec-support (~> 3.8.0)
    rspec-mocks (3.8.0)
      diff-lcs (>= 1.2.0, < 2.0)
      rspec-support (~> 3.8.0)
    rspec-rails (3.8.2)
      actionpack (>= 3.0)
      activesupport (>= 3.0)
      railties (>= 3.0)
      rspec-core (~> 3.8.0)
      rspec-expectations (~> 3.8.0)
      rspec-mocks (~> 3.8.0)
      rspec-support (~> 3.8.0)
    rspec-retry (0.6.1)
      rspec-core (> 3.3)
    rspec-support (3.8.0)
    rubocop (0.46.0)
      parser (>= 2.3.1.1, < 3.0)
      powerpack (~> 0.1)
      rainbow (>= 1.99.1, < 3.0)
      ruby-progressbar (~> 1.7)
      unicode-display_width (~> 1.0, >= 1.0.1)
    ruby-progressbar (1.10.0)
    safe_yaml (1.0.5)
    sass (3.7.3)
      sass-listen (~> 4.0.0)
    sass-listen (4.0.0)
      rb-fsevent (~> 0.9, >= 0.9.4)
      rb-inotify (~> 0.9, >= 0.9.7)
    sassc (2.0.1)
      ffi (~> 1.9)
      rake
    sassc-rails (2.1.0)
      railties (>= 4.0.0)
      sassc (>= 2.0)
      sprockets (> 3.0)
      sprockets-rails
      tilt
    scss_lint (0.57.1)
      rake (>= 0.9, < 13)
      sass (~> 3.5, >= 3.5.5)
    select2-rails (4.0.3)
      thor (~> 0.14)
    sidekiq (5.2.5)
      connection_pool (~> 2.2, >= 2.2.2)
      rack (>= 1.5.0)
      rack-protection (>= 1.5.0)
      redis (>= 3.3.5, < 5)
    simplecov (0.16.1)
      docile (~> 1.1)
      json (>= 1.8, < 3)
      simplecov-html (~> 0.10.0)
    simplecov-html (0.10.2)
    sinatra (2.0.5)
      mustermann (~> 1.0)
      rack (~> 2.0)
      rack-protection (= 2.0.5)
      tilt (~> 2.0)
    site_prism (3.0.3)
      addressable (~> 2.5)
      capybara (>= 2.18, < 4.0)
    sortable-rails (1.7.0)
    sprockets (3.7.2)
      concurrent-ruby (~> 1.0)
      rack (> 1, < 3)
    sprockets-es6 (0.9.2)
      babel-source (>= 5.8.11)
      babel-transpiler
      sprockets (>= 3.0.0)
    sprockets-rails (3.2.1)
      actionpack (>= 4.0)
      activesupport (>= 4.0)
      sprockets (>= 3.0.0)
    term-ansicolor (1.7.1)
      tins (~> 1.0)
    thin (1.7.2)
      daemons (~> 1.0, >= 1.0.9)
      eventmachine (~> 1.0, >= 1.0.4)
      rack (>= 1, < 3)
    thor (0.19.4)
    thread_safe (0.3.6)
    tilt (2.0.9)
    tins (1.20.2)
    tzinfo (1.2.5)
      thread_safe (~> 0.1)
    uglifier (4.1.20)
      execjs (>= 0.3.0, < 3)
    unicode-display_width (1.5.0)
    warden (1.2.8)
      rack (>= 2.0.6)
    warden-oauth2 (0.0.1)
      warden
    webmock (3.5.1)
      addressable (>= 2.3.6)
      crack (>= 0.3.2)
      hashdiff
    webrick (1.4.2)
    websocket-driver (0.6.5)
      websocket-extensions (>= 0.1.0)
    websocket-extensions (0.1.3)
    working_hours (1.1.4)
      activesupport (>= 3.2)
      tzinfo
    xpath (3.2.0)
      nokogiri (~> 1.8)

PLATFORMS
  ruby

DEPENDENCIES
  active_link_to!
  active_model_serializers!
  audited!
  bh!
  bootsnap!
  bootstrap-kaminari-views!
  bugsnag!
  capybara!
  chronic!
  coveralls!
  database_rewinder!
  factory_bot_rails (= 4.11.0)!
  faker!
  faraday!
  faraday-conductivity!
  faraday_middleware!
  font-awesome-rails!
  foreman!
  gds-sso!
  govuk_admin_template!
  kaminari!
  launchy!
  listen (~> 3.0.5)!
  lograge!
  net-sftp!
  notifications-ruby-client!
  oj!
  parallel_tests!
  pg (~> 0.18)!
  phantomjs!
  plek!
  poltergeist (= 1.11.0)!
  postgres-copy!
  pry-byebug!
  puma (~> 3.12)!
  pusher!
  pusher-fake!
  rack-cors!
  rails (~> 5.1.1)!
  rails-assets-bootstrap-daterangepicker (= 2.1.27)!
  rails-assets-eonasdan-bootstrap-datetimepicker!
  rails-assets-fullcalendar (= 3.2.0)!
  rails-assets-fullcalendar-scheduler (= 1.5.1)!
  rails-assets-jquery.postcodes!
  rails-assets-listjs!
  rails-assets-moment (= 2.15.1)!
  rails-assets-pusher!
  rails-assets-qTip2!
  rails-assets-zloirock--core-js (= 2.5.1)!
  rails_12factor!
  rspec-rails!
  rspec-retry!
  rubocop (= 0.46.0)!
  sassc-rails!
  scss_lint!
  select2-rails!
  sidekiq!
  sinatra!
  site_prism!
  sortable-rails!
  sprockets-es6!
  thin!
  uglifier (>= 1.3.0)!
  webmock!
  webrick!
  working_hours!

RUBY VERSION
   ruby 2.6.2p47

BUNDLED WITH
   1.17.3
